PATH
  remote: .
  specs:
    rbmach (0.1.0)
      gspec

GEM
  remote: https://rubygems.org/
  specs:
    bigdecimal (2.0.0)
    byteman (0.1.0)
    coderay (1.1.3)
    diff-lcs (1.3)
    digiproc (0.2.5)
      bigdecimal
      bundler
      gruff (~> 0.7.0)
    gruff (0.7.0)
      rmagick (~> 2.13, >= 2.13.4)
    gspec (0.1.3)
    method_source (1.0.0)
    pry (0.13.1)
      coderay (~> 1.1)
      method_source (~> 1.0)
    rake (12.3.3)
    rbimg (0.1.1)
      byteman (~> 0.1.0)
      require_all (~> 3.0)
    require_all (3.0.0)
    rmagick (2.16.0)
    rspec (3.9.0)
      rspec-core (~> 3.9.0)
      rspec-expectations (~> 3.9.0)
      rspec-mocks (~> 3.9.0)
    rspec-core (3.9.2)
      rspec-support (~> 3.9.3)
    rspec-expectations (3.9.2)
      diff-lcs (>= 1.2.0, < 2.0)
      rspec-support (~> 3.9.0)
    rspec-mocks (3.9.1)
      diff-lcs (>= 1.2.0, < 2.0)
      rspec-support (~> 3.9.0)
    rspec-support (3.9.3)

PLATFORMS
  ruby

DEPENDENCIES
  byteman (~> 0.1.0)
  digiproc (~> 0.2.5)
  gspec (~> 0.1.3)
  pry (~> 0.13.1)
  rake (~> 12.0)
  rbimg (~> 0.1.1)
  rbmach!
  require_all (~> 3.0)
  rspec (~> 3.0)

BUNDLED WITH
   2.1.4
